

GROUP build
NUGET
  remote: https://www.myget.org/F/assembly-rewriter-temp/api/v3/index.json
    assembly-rewriter (1.0.0-alpha20181112T111634) - clitool: true
  remote: https://api.nuget.org/v3/index.json
    FAKE (4.64.4)
    FSharp.Core (4.3.3) - restriction: && (< net40) (< portable-net45+win8+wp8+wpa81)
    FSharp.Data (2.4.4)
      FSharp.Core (>= 4.0.0.1) - restriction: && (< net40) (< portable-net45+win8+wp8+wpa81)
      Zlib.Portable (>= 1.11) - restriction: || (&& (< net40) (>= portable-net45+win8)) (&& (< net40) (< portable-net45+win8) (>= portable-net45+win8+wp8+wpa81))
    ILRepack (2.0.16)
    Zlib.Portable (1.11) - restriction: || (&& (< net40) (>= portable-net45+win8)) (&& (< net40) (< portable-net45+win8) (>= portable-net45+win8+wp8+wpa81))
